GEM
  remote: https://rubygems.org/
  specs:
    coderay (1.1.2)
    fast_trie (0.5.1)
    method_source (0.9.2)
    pry (0.12.2)
      coderay (~> 1.1.0)
      method_source (~> 0.9.0)

PLATFORMS
  ruby

DEPENDENCIES
  fast_trie
  pry

BUNDLED WITH
   1.16.2
